GEM
  remote: https://rubygems.org/
  specs:
    csv2md (1.1.3)

PLATFORMS
  ruby

DEPENDENCIES
  csv2md!

BUNDLED WITH
   2.0.1
